PATH
  remote: .
  specs:
    vagrant-hosts (0.1)
      ruby-augeas (~> 0.4.1)
      vagrant (~> 0.8.2)
      virtualbox (~> 0.9.1)

GEM
  remote: http://rubygems.org/
  specs:
    archive-tar-minitar (0.5.2)
    columnize (0.3.4)
    diff-lcs (1.1.2)
    erubis (2.7.0)
    ffi (1.0.11)
    i18n (0.6.0)
    json (1.5.4)
    linecache (0.46)
      rbx-require-relative (> 0.0.4)
    net-scp (1.0.4)
      net-ssh (>= 1.99.1)
    net-ssh (2.1.4)
    rake (0.9.2)
    rbx-require-relative (0.0.5)
    rspec (2.6.0)
      rspec-core (~> 2.6.0)
      rspec-expectations (~> 2.6.0)
      rspec-mocks (~> 2.6.0)
    rspec-core (2.6.4)
    rspec-expectations (2.6.0)
      diff-lcs (~> 1.1.2)
    rspec-mocks (2.6.0)
    ruby-augeas (0.4.1)
    ruby-debug (0.10.4)
      columnize (>= 0.1)
      ruby-debug-base (~> 0.10.4.0)
    ruby-debug-base (0.10.4)
      linecache (>= 0.3)
    thor (0.14.6)
    vagrant (0.8.10)
      archive-tar-minitar (= 0.5.2)
      erubis (~> 2.7.0)
      i18n (~> 0.6.0)
      json (~> 1.5.1)
      net-scp (~> 1.0.4)
      net-ssh (~> 2.1.4)
      thor (~> 0.14.6)
      virtualbox (~> 0.9.1)
    virtualbox (0.9.2)
      ffi (~> 1.0.9)

PLATFORMS
  ruby

DEPENDENCIES
  rake
  rspec (~> 2.6.0)
  ruby-debug
  vagrant-hosts!
